PATH
  remote: .
  specs:
    imgcat (0.1.0)
      base64

GEM
  remote: https://rubygems.org/
  specs:
    base64 (0.2.0)
    minitest (5.20.0)
    rake (13.1.0)

PLATFORMS
  arm64-darwin-23
  ruby

DEPENDENCIES
  imgcat!
  minitest (~> 5.16)
  rake (~> 13.0)

BUNDLED WITH
   2.5.11
